NUGET
  remote: https://nuget.org/api/v2
  specs:
    Pester (3.1.1)
  remote: https://teamcity.unic.com/httpAuth/app/nuget/v1/FeedService.svc
  specs:
    Unic.Bob.Config (0.2.0-unstable0008)
    Unic.Bob.Keith (0.2.0)
    Unic.Bob.Rubble (0.1.0)
