NUGET
  remote: https://nuget.org/api/v2
  specs:
    Pester (3.3.9)
  remote: https://teamcity.unic.com/httpAuth/app/nuget/v1/FeedService.svc
  specs:
    Unic.Bob.Config (1.2.0)
    Unic.Bob.Keith (1.1.0)
    Unic.Bob.Rubble (1.0.0)
